PATH
  remote: .
  specs:
    girocode (0.1.1)
      bank-contact
      rqrcode

GEM
  remote: https://rubygems.org/
  specs:
    bank-contact (0.0.6)
    chunky_png (1.4.0)
    docile (1.4.0)
    minitest (5.14.4)
    rake (13.0.6)
    rqrcode (2.1.0)
      chunky_png (~> 1.0)
      rqrcode_core (~> 1.0)
    rqrcode_core (1.2.0)
    simplecov (0.21.2)
      docile (~> 1.1)
      simplecov-html (~> 0.11)
      simplecov_json_formatter (~> 0.1)
    simplecov-html (0.12.3)
    simplecov_json_formatter (0.1.3)

DEPENDENCIES
  girocode!
  minitest
  rake
  simplecov

BUNDLED WITH
   2.2.22
